GEM
  remote: https://rubygems.org/
  specs:
    activesupport (3.2.13)
      i18n (= 0.6.1)
      multi_json (~> 1.0)
    descriptive_statistics (1.1.1)
    i18n (0.6.1)
    multi_json (1.7.4)

PLATFORMS
  ruby

DEPENDENCIES
  activesupport
  descriptive_statistics
